GIT
  remote: git@github.com:looker/warbler.git
  revision: 5358ff7cb113c9761d90fb70e0e7d814bc60b973
  branch: looker-custom-2.0.4
  specs:
    warbler (2.0.4)
      jruby-jars (>= 9.0.0.0)
      jruby-rack (>= 1.1.1, < 1.3)
      rake (>= 10.1.0)
      rubyzip (~> 1.0, < 1.4)

PATH
  remote: ruby-gems/demo
  specs:
    demo (1.0)

GEM
  remote: https://rubygems.org/
  specs:
    jruby-jars (9.1.17.0)
    jruby-rack (1.1.21)
    rake (13.0.1)
    rubyzip (1.3.0)

PLATFORMS
  java
  ruby

DEPENDENCIES
  demo!
  jruby-jars (= 9.1.17.0)
  warbler!

RUBY VERSION
   ruby 2.3.3p0 (jruby 9.1.17.0)

BUNDLED WITH
   2.1.4
