PATH
  remote: .
  specs:
    demo (1.0)

GEM
  remote: https://rubygems.org/
  specs:
    minitest (5.13.0)
    rake (12.3.3)

PLATFORMS
  java
  ruby

DEPENDENCIES
  bundler (~> 2.0)
  demo!
  minitest (~> 5.13)
  rake (~> 12.3)

RUBY VERSION
   ruby 2.3.3p0 (jruby 9.1.17.0)

BUNDLED WITH
   2.1.4
